GEM
  remote: http://rubygems.org/
  specs:
    abstract (1.0.0)
    addressable (2.2.6)
    async-rack (0.5.1)
      rack (~> 1.1)
    async_sinatra (0.5.0)
      rack (>= 1.2.1)
      sinatra (>= 1.0)
    daemons (1.1.4)
    eventmachine (1.0.0.beta.3)
    git (1.2.5)
    hash-utils (0.18.1)
    jeweler (1.6.4)
      bundler (~> 1.0)
      git (>= 1.2.5)
      rake
    json-rpc-objects (0.4.2)
      abstract (>= 1.0.0)
      addressable (>= 2.2.2)
      hash-utils (>= 0.18.0)
      multi_json
    multi_json (1.0.3)
    rack (1.3.2)
    rake (0.9.2)
    riot (0.12.4)
      rr
    rr (1.0.3)
    sinatra (1.2.6)
      rack (~> 1.1)
      tilt (< 2.0, >= 1.2.2)
    thin (1.2.11)
      daemons (>= 1.0.9)
      eventmachine (>= 0.12.6)
      rack (>= 1.0.0)
    tilt (1.3.3)

PLATFORMS
  ruby

DEPENDENCIES
  abstract
  async-rack (>= 0.5.1)
  async_sinatra (>= 0.5.0)
  bundler (>= 1.0.0)
  eventmachine
  hash-utils (>= 0.18.1)
  jeweler (>= 1.5.2)
  json-rpc-objects (>= 0.4.0)
  riot (>= 0.12.3)
  sinatra
  thin
